GEM
  remote: https://rubygems.org/
  specs:
    rack (1.5.2)
    rack-protection (1.3.2)
      rack
    sinatra (1.3.4)
      rack (~> 1.4)
      rack-protection (~> 1.3)
      tilt (~> 1.3, >= 1.3.3)
    sqlite3 (1.3.7)
    sqlite3-ruby (1.3.3)
      sqlite3 (>= 1.3.3)
    test-unit (2.5.4)
    tilt (1.3.3)

PLATFORMS
  ruby

DEPENDENCIES
  rack
  sinatra
  sqlite3-ruby
  test-unit
